GIT
  remote: https://github.com/chewi/bzip2-ruby.git
  revision: 92d492c2b40c32a5c039314666655ebc2f52a817
  specs:
    bzip2-ruby (0.2.7)

GEM
  remote: https://rubygems.org/
  specs:
    amq-protocol (2.0.0)
    anemone (0.7.2)
      nokogiri (>= 1.3.0)
      robotex (>= 1.0.0)
    bunny (2.2.0)
      amq-protocol (>= 2.0.0)
    ffi (1.9.10)
    git (1.2.9.1)
    httparty (0.13.5)
      json (~> 1.8)
      multi_xml (>= 0.5.2)
    io-like (0.3.0)
    json (1.8.3)
    log4r (1.1.10)
    mini_portile (0.6.2)
    minitest (5.8.0)
    multi_xml (0.5.5)
    nokogiri (1.6.6.2)
      mini_portile (~> 0.6.0)
    pg (0.18.2)
    robotex (1.0.0)
    ruby-xz (0.2.1)
      ffi
      io-like
    thor (0.19.1)
    thread (0.2.2)
    writeexcel (1.0.5)

PLATFORMS
  ruby

DEPENDENCIES
  anemone
  bunny
  bzip2-ruby!
  git
  httparty
  log4r
  minitest
  pg
  ruby-xz
  thor
  thread
  writeexcel

BUNDLED WITH
   1.10.6
