GEM
  remote: https://ruby.taobao.org/
  specs:
    anemone (0.7.2)
      nokogiri (>= 1.3.0)
      robotex (>= 1.0.0)
    diff-lcs (1.2.5)
    ffi (1.9.10)
    git (1.2.9.1)
    hashie (3.4.3)
    httparty (0.13.5)
      json (~> 1.8)
      multi_xml (>= 0.5.2)
    hurley (0.2)
    io-like (0.3.0)
    json (1.8.3)
    log4r (1.1.10)
    mime-types (2.6.2)
    mini_portile (0.6.2)
    multi_xml (0.5.5)
    netrc (0.7.8)
    nokogiri (1.6.6.2)
      mini_portile (~> 0.6.0)
    pg (0.18.2)
    rest-client (1.7.2)
      mime-types (>= 1.16, < 3.0)
      netrc (~> 0.7)
    robotex (1.0.0)
    rspec (3.4.0)
      rspec-core (~> 3.4.0)
      rspec-expectations (~> 3.4.0)
      rspec-mocks (~> 3.4.0)
    rspec-core (3.4.1)
      rspec-support (~> 3.4.0)
    rspec-expectations (3.4.0)
      diff-lcs (>= 1.2.0, < 2.0)
      rspec-support (~> 3.4.0)
    rspec-mocks (3.4.1)
      diff-lcs (>= 1.2.0, < 2.0)
      rspec-support (~> 3.4.0)
    rspec-support (3.4.1)
    ruby-xz (0.2.1)
      ffi
      io-like
    rubygems_api (1.0.1)
      hurley (~> 0)

PLATFORMS
  ruby

DEPENDENCIES
  anemone
  git
  hashie
  httparty
  json
  log4r
  pg
  rest-client
  rspec
  ruby-xz
  rubygems_api (~> 1.0, >= 1.0.1)

BUNDLED WITH
   1.10.6
