GEM
  remote: https://ruby.taobao.org/
  specs:
    anemone (0.7.2)
      nokogiri (>= 1.3.0)
      robotex (>= 1.0.0)
    ffi (1.9.10)
    git (1.2.9.1)
    httparty (0.13.5)
      json (~> 1.8)
      multi_xml (>= 0.5.2)
    io-like (0.3.0)
    json (1.8.3)
    license_auto (0.1.0)
    log4r (1.1.10)
    mime-types (2.6.2)
    mini_portile (0.6.2)
    minitest (5.8.0)
    multi_xml (0.5.5)
    netrc (0.7.8)
    nokogiri (1.6.6.2)
      mini_portile (~> 0.6.0)
    pg (0.18.2)
    rest-client (1.7.2)
      mime-types (>= 1.16, < 3.0)
      netrc (~> 0.7)
    robotex (1.0.0)
    ruby-xz (0.2.1)
      ffi
      io-like

PLATFORMS
  ruby

DEPENDENCIES
  anemone
  git
  httparty
  json
  license_auto
  log4r
  minitest
  pg
  rest-client
  ruby-xz

BUNDLED WITH
   1.10.6
